GEM
  remote: http://rubygems.org/
  specs:
    builder (3.0.0)
    nokogiri (1.4.4)
    rspec (1.3.1)
    simplecov (0.4.2)
      simplecov-html (~> 0.4.4)
    simplecov-html (0.4.4)
    simplecov-rcov (0.2.0)

PLATFORMS
  ruby

DEPENDENCIES
  builder (>= 3.0.0)
  nokogiri (>= 1.4.4)
  rspec (= 1.3.1)
  simplecov (>= 0.4.0)
  simplecov-rcov (>= 0.2.0)
